{
 "CapManufacturer": "NIRx",
 "CapManufacturersModelName": "NIRScap",
 "CogAtlasID": "n/a",
 "CogPOID": "n/a",
 "DetectorType": "NIRx low-profile optodes",
 "DeviceSerialNumber": "n/a",
 "ECGChannelCount": 0,
 "EEGChannelCount": 0,
 "EMGChannelCount": 0,
 "EOGChannelCount": 0,
 "HardwareFilters": "n/a",
 "HeadCircumference": 56,
 "InstitutionAddress": "Colchester, CO4 3SQ, United Kingdom",
 "InstitutionName": "University of Essex",
 "InstitutionalDepartmentName": "Brain-Computer Interfaces and Neural Engineering Laboratory, School of Computer Science and Electronic Engineering",
 "Instructions": "n/a",
 "MISCChannelCount": 0,
 "Manufacturer": "NIRx",
 "ManufacturersModelName": "NIRScoutXP",
 "NIRSChannelCount": 22,
 "NIRSDetectorOptodeCount": 4,
 "NIRSPlacementScheme": "see papers",
 "NIRSSourceOptodeCount": 7,
 "PowerLineFrequency": 50.0,
 "RecordingDuration": 4348.4,
 "RecordingType": "continuous",
 "SamplingFrequency": 8.928571428571429,
 "ShortChannelCount": 0,
 "SoftwareFilters": "n/a",
 "SoftwareVersions": "n/a",
 "SourceType": "NIRx low-profile optodes",
 "SubjectArtefactDescription": "n/a",
 "TaskDescription": "n/a",
 "TaskName": "nirs",
 "TriggerChannelCount": 0
}