{
    "TaskName": "nirs",
    "Manufacturer": "NIRx",
    "PowerLineFrequency": 50.0,
    "SamplingFrequency": 8.928571428571429,
    "SoftwareFilters": "n/a",
    "RecordingDuration": 4552.016,
    "RecordingType": "continuous",
    "EEGChannelCount": 0,
    "EOGChannelCount": 0,
    "ECGChannelCount": 0,
    "EMGChannelCount": 0,
    "MiscChannelCount": 0,
    "TriggerChannelCount": 0,
    "NIRSChannelCount": 22,
    "NIRSSourceOptodeCount": 7,
    "NIRSDetectorOptodeCount": 4
}
